GEM
  remote: https://rubygems.org/
  specs:
    axlsx (2.0.1)
      htmlentities (~> 4.3.1)
      nokogiri (>= 1.4.1)
      rubyzip (~> 1.0.0)
    coderay (1.1.0)
    flickr (1.0.2)
      xml-simple (>= 1.0.7)
    htmlentities (4.3.3)
    method_source (0.8.2)
    mini_portile (0.6.2)
    nokogiri (1.6.6.2)
      mini_portile (~> 0.6.0)
    pry (0.10.1)
      coderay (~> 1.1.0)
      method_source (~> 0.8.1)
      slop (~> 3.4)
    rubyzip (1.0.0)
    slop (3.6.0)
    unicode (0.4.4.1)
    xml-simple (1.1.3)

PLATFORMS
  ruby

DEPENDENCIES
  axlsx
  flickr
  pry
  unicode
  xml-simple (= 1.1.3)
